GEM
  remote: https://rubygems.org/
  specs:
    diff-lcs (1.4.4)
    excon (0.82.0)
    nio4r (2.5.7)
    puma (5.3.2)
      nio4r (~> 2.0)
    rack (2.2.3)
    rake (13.0.3)
    redis (4.2.5)
    roda (3.44.0)
      rack
    rspec-core (3.10.1)
      rspec-support (~> 3.10.0)
    rspec-expectations (3.10.1)
      diff-lcs (>= 1.2.0, < 2.0)
      rspec-support (~> 3.10.0)
    rspec-mocks (3.10.2)
      diff-lcs (>= 1.2.0, < 2.0)
      rspec-support (~> 3.10.0)
    rspec-support (3.10.2)

PLATFORMS
  x86_64-linux

DEPENDENCIES
  excon
  puma
  rake
  redis
  roda
  rspec-core
  rspec-expectations
  rspec-mocks

BUNDLED WITH
   2.2.3
