GEM
  remote: https://rubygems.org/
  specs:
    diff-lcs (1.4.4)
    excon (0.79.0)
    redis (4.2.5)
    rspec-core (3.10.1)
      rspec-support (~> 3.10.0)
    rspec-expectations (3.10.1)
      diff-lcs (>= 1.2.0, < 2.0)
      rspec-support (~> 3.10.0)
    rspec-mocks (3.10.2)
      diff-lcs (>= 1.2.0, < 2.0)
      rspec-support (~> 3.10.0)
    rspec-support (3.10.2)

PLATFORMS
  x86_64-linux

DEPENDENCIES
  excon
  redis
  rspec-core
  rspec-expectations
  rspec-mocks

BUNDLED WITH
   2.2.3
