GEM
  remote: https://rubygems.org/
  specs:
    diff-lcs (1.4.4)
    excon (0.84.0)
    ffi (1.15.3)
    listen (3.5.1)
      rb-fsevent (~> 0.10, >= 0.10.3)
      rb-inotify (~> 0.9, >= 0.9.10)
    nio4r (2.5.7)
    puma (5.3.2)
      nio4r (~> 2.0)
    rack (2.2.3)
    rake (13.0.6)
    rb-fsevent (0.11.0)
    rb-inotify (0.10.1)
      ffi (~> 1.0)
    redis (4.3.1)
    rerun (0.13.1)
      listen (~> 3.0)
    roda (3.45.0)
      rack
    rspec-core (3.10.1)
      rspec-support (~> 3.10.0)
    rspec-expectations (3.10.1)
      diff-lcs (>= 1.2.0, < 2.0)
      rspec-support (~> 3.10.0)
    rspec-mocks (3.10.2)
      diff-lcs (>= 1.2.0, < 2.0)
      rspec-support (~> 3.10.0)
    rspec-support (3.10.2)

PLATFORMS
  ruby
  x86_64-darwin-19
  x86_64-linux

DEPENDENCIES
  excon
  puma
  rake
  redis
  rerun (~> 0.13.1)
  roda
  rspec-core
  rspec-expectations
  rspec-mocks

BUNDLED WITH
   2.2.23
